GEM
  remote: https://rubygems.org/
  specs:
    prism (0.19.0)

PLATFORMS
  ruby
  x86_64-linux

DEPENDENCIES
  prism

BUNDLED WITH
   2.5.22
